GEM
  remote: https://rubygems.org/
  specs:
    railsless-deploy (1.1.0)

PLATFORMS
  ruby

DEPENDENCIES
  railsless-deploy
